GEM
  remote: http://rubygems.org/
  specs:
    domain_name (0.5.2)
      unf (~> 0.0.3)
    json (1.6.5)
    mechanize (2.1)
      domain_name (~> 0.5, >= 0.5.1)
      net-http-digest_auth (~> 1.1, >= 1.1.1)
      net-http-persistent (~> 2.3, >= 2.3.2)
      nokogiri (~> 1.4)
      ntlm-http (~> 0.1, >= 0.1.1)
      webrobots (~> 0.0, >= 0.0.9)
    metaclass (0.0.1)
    mocha (0.10.3)
      metaclass (~> 0.0.1)
    net-http-digest_auth (1.2)
    net-http-persistent (2.3.3)
    nokogiri (1.5.0)
    ntlm-http (0.1.1)
    rack (1.4.0)
    rack-protection (1.2.0)
      rack
    rake (0.9.2.2)
    sinatra (1.3.2)
      rack (~> 1.3, >= 1.3.6)
      rack-protection (~> 1.2)
      tilt (~> 1.3, >= 1.3.3)
    test-unit (2.4.5)
    tilt (1.3.3)
    unf (0.0.4)
      unf_ext
    unf_ext (0.0.4)
    webrobots (0.0.13)

PLATFORMS
  ruby

DEPENDENCIES
  bundler (>= 1.0.21)
  json (>= 1.6.5)
  mechanize (>= 2.1)
  mocha (>= 0.10.3)
  nokogiri (>= 1.5.0)
  rake (>= 0.9.2.2)
  sinatra (>= 1.3.2)
  test-unit (>= 2.4.5)
